GEM
  remote: https://rubygems.org/
  specs:
    coderay (1.0.9)
    coderay_bash (1.0.5)
      coderay (>= 1.0)
    concurrent-ruby (1.0.5)
    daemons (1.2.6)
    directory_watcher (1.4.1)
    dotenv (0.8.0)
    eventmachine (1.2.7)
    execjs (2.7.0)
    foreman (0.63.0)
      dotenv (>= 0.7)
      thor (>= 0.13.6)
    libv8 (3.11.8.17)
    rack (2.0.5)
    redcarpet (3.4.0)
    ref (1.0.5)
    sass (3.2.9)
    slop (3.3.2)
    sprockets (3.7.1)
      concurrent-ruby (~> 1.0)
      rack (> 1, < 3)
    stasis (0.2.0)
      directory_watcher (= 1.4.1)
      slop (= 3.3.2)
      tilt (= 1.3.3)
    therubyracer (0.11.4)
      libv8 (~> 3.11.8.12)
      ref
    thin (1.7.2)
      daemons (~> 1.0, >= 1.0.9)
      eventmachine (~> 1.0, >= 1.0.4)
      rack (>= 1, < 3)
    thor (0.18.1)
    tilt (1.3.3)
    uglifier (4.1.11)
      execjs (>= 0.3.0, < 3)

PLATFORMS
  ruby

DEPENDENCIES
  coderay
  coderay_bash
  foreman
  redcarpet (>= 3.2.3)
  sass
  sprockets (>= 2.10.2)
  stasis
  therubyracer
  thin (>= 1.5.1)
  uglifier (>= 2.7.2)

BUNDLED WITH
   1.16.1
